GEM
  remote: https://rubygems.org/
  specs:
    bson (1.9.2)
    bson_ext (1.9.2)
      bson (~> 1.9.2)
    mini_portile (0.5.2)
    mongo (1.9.2)
      bson (~> 1.9.2)
    nokogiri (1.6.1)
      mini_portile (~> 0.5.0)
    oj (2.5.1)

PLATFORMS
  ruby

DEPENDENCIES
  bson_ext (~> 1.9.2)
  mongo (~> 1.9.2)
  nokogiri (~> 1.6.1)
  oj (~> 2.5.1)
